PATH
  remote: .
  specs:
    be_a_dragon (0.1.3)

GEM
  remote: https://rubygems.org/
  specs:
    rake (12.3.3)

PLATFORMS
  x64-mingw32

DEPENDENCIES
  be_a_dragon!
  rake (~> 12.0)

BUNDLED WITH
   2.1.4
